PATH
  remote: .
  specs:
    motion-sprites (0.0.1)

GEM
  remote: https://rubygems.org/
  specs:

PLATFORMS
  ruby

DEPENDENCIES
  motion-sprites!
